GEM
  remote: http://rubygems.org/
  specs:
    airbrake (3.1.6)
      builder
      girl_friday
    builder (3.1.4)
    capistrano (2.13.5)
      highline
      net-scp (>= 1.0.0)
      net-sftp (>= 2.0.0)
      net-ssh (>= 2.0.14)
      net-ssh-gateway (>= 1.1.0)
    capistrano-ext (1.2.1)
      capistrano (>= 1.0.0)
    columnize (0.3.6)
    connection_pool (0.9.3)
    debugger (1.2.2)
      columnize (>= 0.3.1)
      debugger-linecache (~> 1.1.1)
      debugger-ruby_core_source (~> 1.1.5)
    debugger-linecache (1.1.2)
      debugger-ruby_core_source (>= 1.1.1)
    debugger-ruby_core_source (1.1.5)
    dragonfly (0.9.14)
      multi_json (~> 1.0)
      rack
    girl_friday (0.11.1)
      connection_pool (~> 0.9.0)
      rubinius-actor
    highline (1.6.15)
    hpricot (0.8.6)
    kgio (2.7.4)
    multi_json (1.6.1)
    net-scp (1.0.4)
      net-ssh (>= 1.99.1)
    net-sftp (2.0.5)
      net-ssh (>= 2.0.9)
    net-ssh (2.6.2)
    net-ssh-gateway (1.1.0)
      net-ssh (>= 1.99.1)
    pdfbeads (1.0.9)
    pdfkit (0.5.2)
    rack (1.5.2)
    rack-cache (1.2)
      rack (>= 0.4)
    rack-protection (1.3.2)
      rack
    raindrops (0.10.0)
    rake (10.0.3)
    redis (3.0.2)
    redis-namespace (1.2.1)
      redis (~> 3.0.0)
    rmagick (2.13.2)
    rubinius-actor (0.0.2)
      rubinius-core-api
    rubinius-core-api (0.0.1)
    sinatra (1.3.3)
      rack (~> 1.3, >= 1.3.6)
      rack-protection (~> 1.2)
      tilt (~> 1.3, >= 1.3.3)
    tilt (1.3.3)
    unicorn (4.5.0)
      kgio (~> 2.6)
      rack
      raindrops (~> 0.7)
    wkhtmltopdf-binary (0.9.9.1)
    yajl-ruby (1.1.0)

PLATFORMS
  ruby

DEPENDENCIES
  airbrake (~> 3.1.6)
  capistrano (~> 2.13.5)
  capistrano-ext (~> 1.2.1)
  debugger
  dragonfly (~> 0.9.12)
  hpricot (~> 0.8.6)
  pdfbeads (~> 1.0.9)
  pdfkit (~> 0.5.2)
  rack-cache (~> 1.2)
  rake (~> 10.0.3)
  redis (~> 3.0.2)
  redis-namespace (~> 1.2.1)
  rmagick (~> 2.13.2)
  sinatra (~> 1.3.3)
  unicorn
  wkhtmltopdf-binary (~> 0.9.9.1)
  yajl-ruby (~> 1.1.0)
