GIT
  remote: git://github.com/ifad/jruby-debug.git
  revision: c6cc915d75c7942742257a80c0caf5f855ee1030
  specs:
    ruby-debug-base (0.10.4-java)

GIT
  remote: git://github.com/ifad/pdfbeads.git
  revision: 7f81be26eced36b12fa2cd6795c57ab4c9230eae
  specs:
    pdfbeads (1.0.11)
      iconv
      nokogiri
      rmagick

GEM
  remote: https://rubygems.org/
  specs:
    airbrake (3.1.14)
      builder
      json
    builder (3.2.2)
    byebug (2.5.0)
      columnize (~> 0.3.6)
      debugger-linecache (~> 1.2.0)
    capistrano (2.13.5)
      highline
      net-scp (>= 1.0.0)
      net-sftp (>= 2.0.0)
      net-ssh (>= 2.0.14)
      net-ssh-gateway (>= 1.1.0)
    capistrano-ext (1.2.1)
      capistrano (>= 1.0.0)
    coderay (1.1.0)
    columnize (0.3.6)
    debugger-linecache (1.2.0)
    dragonfly (0.9.15)
      multi_json (~> 1.0)
      rack
    ffi (1.9.3-java)
    highline (1.6.20)
    iconv (1.0.4)
    json (1.8.1)
    json (1.8.1-java)
    kgio (2.8.1)
    method_source (0.8.2)
    mini_portile (0.5.2)
    multi_json (1.8.2)
    net-scp (1.1.2)
      net-ssh (>= 2.6.5)
    net-sftp (2.1.2)
      net-ssh (>= 2.6.5)
    net-ssh (2.7.0)
    net-ssh-gateway (1.2.0)
      net-ssh (>= 2.6.5)
    nokogiri (1.6.1)
      mini_portile (~> 0.5.0)
    pdfkit (0.5.4)
    pry (0.9.12.4)
      coderay (~> 1.0)
      method_source (~> 0.8)
      slop (~> 3.4)
    pry (0.9.12.4-java)
      coderay (~> 1.0)
      method_source (~> 0.8)
      slop (~> 3.4)
      spoon (~> 0.0)
    puma (2.7.1-java)
      rack (>= 1.1, < 2.0)
    rack (1.5.2)
    rack-cache (1.2)
      rack (>= 0.4)
    rack-protection (1.5.1)
      rack
    raindrops (0.12.0)
    rake (10.0.4)
    redis (3.0.6)
    redis-namespace (1.2.2)
      redis (~> 3.0.0)
    rmagick (2.13.2)
    rmagick4j (0.3.8)
    ruby-debug (0.10.4)
      columnize (>= 0.1)
      ruby-debug-base (~> 0.10.4.0)
    shotgun (0.9)
      rack (>= 1.0)
    sinatra (1.3.6)
      rack (~> 1.4)
      rack-protection (~> 1.3)
      tilt (~> 1.3, >= 1.3.3)
    slop (3.4.7)
    spoon (0.0.4)
      ffi
    tilt (1.4.1)
    unicorn (4.7.0)
      kgio (~> 2.6)
      rack
      raindrops (~> 0.7)
    yajl-ruby (1.1.0)

PLATFORMS
  java
  ruby

DEPENDENCIES
  airbrake (~> 3.1.6)
  byebug
  capistrano (~> 2.13.5)
  capistrano-ext (~> 1.2.1)
  dragonfly (~> 0.9.12)
  iconv
  json
  pdfbeads!
  pdfkit (~> 0.5.2)
  pry
  puma
  rack-cache (~> 1.2)
  rake (~> 10.0.3)
  redis (~> 3.0.2)
  redis-namespace (~> 1.2.1)
  rmagick
  rmagick4j
  ruby-debug
  ruby-debug-base!
  shotgun
  sinatra (~> 1.3.3)
  unicorn
  yajl-ruby (~> 1.1.0)
