GIT
  remote: git@code.ifad.org:infrad.git
  revision: 756eaf87cedf1ec61327affc8e8904a293d5304b
  specs:
    infrad (0.1.0)
      capistrano
      json

GIT
  remote: git@github.com:ifad/pdfbeads
  revision: 7f81be26eced36b12fa2cd6795c57ab4c9230eae
  ref: 7f81be26eced36b12fa2cd6795c57ab4c9230eae
  specs:
    pdfbeads (1.0.11)
      iconv
      nokogiri
      rmagick

GEM
  remote: https://rubygems.org/
  specs:
    airbrake (3.1.17)
      builder
      multi_json
    builder (3.2.2)
    byebug (3.5.1)
      columnize (~> 0.8)
      debugger-linecache (~> 1.2)
      slop (~> 3.6)
    capistrano (2.15.9)
      highline
      net-scp (>= 1.0.0)
      net-sftp (>= 2.0.0)
      net-ssh (>= 2.0.14)
      net-ssh-gateway (>= 1.1.0)
    capistrano-ext (1.2.1)
      capistrano (>= 1.0.0)
    coderay (1.1.0)
    columnize (0.8.9)
    debugger-linecache (1.2.0)
    diff-lcs (1.2.5)
    dragonfly (0.9.15)
      multi_json (~> 1.0)
      rack
    haml (4.0.6)
      tilt
    highline (1.7.8)
    hpricot (0.8.6)
    iconv (1.0.4)
    json (2.0.2)
    kgio (2.9.2)
    mail (2.6.3)
      mime-types (>= 1.16, < 3)
    method_source (0.8.2)
    mime-types (2.4.3)
    mini_portile2 (2.1.0)
    multi_json (1.10.1)
    net-scp (1.2.1)
      net-ssh (>= 2.6.5)
    net-sftp (2.1.2)
      net-ssh (>= 2.6.5)
    net-ssh (3.2.0)
    net-ssh-gateway (1.2.0)
      net-ssh (>= 2.6.5)
    nokogiri (1.6.8.1)
      mini_portile2 (~> 2.1.0)
    pry (0.10.1)
      coderay (~> 1.1.0)
      method_source (~> 0.8.1)
      slop (~> 3.4)
    rack (1.5.2)
    rack-cache (1.2)
      rack (>= 0.4)
    rack-protection (1.5.3)
      rack
    raindrops (0.13.0)
    rake (10.0.4)
    redis (3.0.7)
    redis-namespace (1.2.2)
      redis (~> 3.0.0)
    rmagick (2.13.4)
    rspec (3.1.0)
      rspec-core (~> 3.1.0)
      rspec-expectations (~> 3.1.0)
      rspec-mocks (~> 3.1.0)
    rspec-core (3.1.7)
      rspec-support (~> 3.1.0)
    rspec-expectations (3.1.2)
      diff-lcs (>= 1.2.0, < 2.0)
      rspec-support (~> 3.1.0)
    rspec-mocks (3.1.3)
      rspec-support (~> 3.1.0)
    rspec-support (3.1.2)
    ruby-filemagic (0.6.1)
    shotgun (0.9)
      rack (>= 1.0)
    sinatra (1.3.6)
      rack (~> 1.4)
      rack-protection (~> 1.3)
      tilt (~> 1.3, >= 1.3.3)
    slop (3.6.0)
    tilt (1.4.1)
    unicorn (4.8.3)
      kgio (~> 2.6)
      rack
      raindrops (~> 0.7)
    yajl-ruby (1.1.0)

PLATFORMS
  ruby

DEPENDENCIES
  airbrake (~> 3.1.6)
  byebug
  capistrano (~> 2.15.5)
  capistrano-ext (~> 1.2.1)
  dragonfly (~> 0.9.12)
  haml
  hpricot (~> 0.8.6)
  iconv
  infrad!
  mail
  mime-types
  pdfbeads!
  pry
  rack-cache (~> 1.2)
  rake (~> 10.0.3)
  redis (~> 3.0.2)
  redis-namespace (~> 1.2.1)
  rmagick
  rspec
  ruby-filemagic
  shotgun
  sinatra (~> 1.3.3)
  unicorn
  yajl-ruby (~> 1.1.0)

RUBY VERSION
   ruby 2.1.10p492

BUNDLED WITH
   1.13.6
